GIT
  remote: git://github.com/activeadmin/activeadmin.git
  revision: 370879936d635f7e00d909698c7e87b81f54b38a
  specs:
    activeadmin (1.0.0.pre)
      arbre (~> 1.0, >= 1.0.2)
      bourbon
      coffee-rails
      formtastic (~> 3.1)
      formtastic_i18n
      inherited_resources (~> 1.4, != 1.5.0)
      jquery-rails
      jquery-ui-rails (~> 5.0)
      kaminari (~> 0.15)
      rails (>= 3.2, < 4.2)
      ransack (~> 1.3)
      sass-rails

GEM
  remote: http://rubygems.org/
  specs:
    actionmailer (4.1.8)
      actionpack (= 4.1.8)
      actionview (= 4.1.8)
      mail (~> 2.5, >= 2.5.4)
    actionpack (4.1.8)
      actionview (= 4.1.8)
      activesupport (= 4.1.8)
      rack (~> 1.5.2)
      rack-test (~> 0.6.2)
    actionview (4.1.8)
      activesupport (= 4.1.8)
      builder (~> 3.1)
      erubis (~> 2.7.0)
    activemodel (4.1.8)
      activesupport (= 4.1.8)
      builder (~> 3.1)
    activerecord (4.1.8)
      activemodel (= 4.1.8)
      activesupport (= 4.1.8)
      arel (~> 5.0.0)
    activesupport (4.1.8)
      i18n (~> 0.6, >= 0.6.9)
      json (~> 1.7, >= 1.7.7)
      minitest (~> 5.1)
      thread_safe (~> 0.1)
      tzinfo (~> 1.1)
    arbre (1.0.2)
      activesupport (>= 3.0.0)
    arel (5.0.1.20140414130214)
    awesome_print (1.2.0)
    axlsx (2.0.1)
      htmlentities (~> 4.3.1)
      nokogiri (>= 1.4.1)
      rubyzip (~> 1.0.0)
    axlsx_rails (0.3.0)
      axlsx (>= 2.0.1)
      rails (>= 3.1)
    bcrypt (3.1.9)
    bcrypt (3.1.9-x86-mingw32)
    bootstrap-sass (3.3.1.0)
      sass (~> 3.2)
    bourbon (3.2.3)
      sass (~> 3.2)
      thor
    builder (3.2.2)
    cancan (1.6.10)
    chart-js-rails (0.0.7)
      railties (> 3.1)
    code_analyzer (0.4.5)
      sexp_processor
    coderay (1.1.0)
    coffee-rails (4.0.1)
      coffee-script (>= 2.2.0)
      railties (>= 4.0.0, < 5.0)
    coffee-script (2.3.0)
      coffee-script-source
      execjs
    coffee-script-source (1.8.0)
    colored (1.2)
    devise (3.4.1)
      bcrypt (~> 3.0)
      orm_adapter (~> 0.1)
      railties (>= 3.2.6, < 5)
      responders
      thread_safe (~> 0.1)
      warden (~> 1.2.3)
    erubis (2.7.0)
    execjs (2.2.2)
    font-awesome-rails (4.2.0.0)
      railties (>= 3.2, < 5.0)
    formtastic (3.1.2)
      actionpack (>= 3.2.13)
    formtastic_i18n (0.1.1)
    has_scope (0.6.0.rc)
      actionpack (>= 3.2, < 5)
      activesupport (>= 3.2, < 5)
    hike (1.2.3)
    htmlentities (4.3.2)
    i18n (0.6.11)
    inherited_resources (1.5.1)
      actionpack (>= 3.2, < 4.2)
      has_scope (~> 0.6.0.rc)
      railties (>= 3.2, < 4.2)
      responders (~> 1.0)
    jbuilder (2.2.5)
      activesupport (>= 3.0.0, < 5)
      multi_json (~> 1.2)
    jquery-rails (3.1.2)
      railties (>= 3.0, < 5.0)
      thor (>= 0.14, < 2.0)
    jquery-ui-rails (5.0.3)
      railties (>= 3.2.16)
    json (1.8.1)
    kaminari (0.16.1)
      actionpack (>= 3.0.0)
      activesupport (>= 3.0.0)
    mail (2.6.3)
      mime-types (>= 1.16, < 3)
    method_source (0.8.2)
    mime-types (2.4.3)
    mini_portile2 (2.4.0)
    minitest (5.4.3)
    multi_json (1.10.1)
    nokogiri (1.10.8)
      mini_portile2 (~> 2.4.0)
    nokogiri (1.10.8-x86-mingw32)
      mini_portile2 (~> 2.4.0)
    orm_adapter (0.5.0)
    pdf-core (0.4.0)
    polyamorous (1.1.0)
      activerecord (>= 3.0)
    prawn (1.3.0)
      pdf-core (~> 0.4.0)
      ttfunk (~> 1.4.0)
    protokoll (0.6.0)
      rails (~> 4.0)
    pry (0.10.1)
      coderay (~> 1.1.0)
      method_source (~> 0.8.1)
      slop (~> 3.4)
    pry (0.10.1-x86-mingw32)
      coderay (~> 1.1.0)
      method_source (~> 0.8.1)
      slop (~> 3.4)
      win32console (~> 1.3)
    rack (1.5.2)
    rack-test (0.6.2)
      rack (>= 1.0)
    rails (4.1.8)
      actionmailer (= 4.1.8)
      actionpack (= 4.1.8)
      actionview (= 4.1.8)
      activemodel (= 4.1.8)
      activerecord (= 4.1.8)
      activesupport (= 4.1.8)
      bundler (>= 1.3.0, < 2.0)
      railties (= 4.1.8)
      sprockets-rails (~> 2.0)
    rails_12factor (0.0.3)
      rails_serve_static_assets
      rails_stdout_logging
    rails_best_practices (1.15.4)
      activesupport
      awesome_print
      code_analyzer (>= 0.4.3)
      colored
      erubis
      i18n
      json
      require_all
      ruby-progressbar
    rails_serve_static_assets (0.0.3)
    rails_stdout_logging (0.0.3)
    railties (4.1.8)
      actionpack (= 4.1.8)
      activesupport (= 4.1.8)
      rake (>= 0.8.7)
      thor (>= 0.18.1, < 2.0)
    rake (10.4.2)
    ransack (1.5.1)
      actionpack (>= 3.0)
      activerecord (>= 3.0)
      activesupport (>= 3.0)
      i18n
      polyamorous (~> 1.1)
    rdoc (4.2.0)
      json (~> 1.4)
    require_all (1.3.2)
    responders (1.1.2)
      railties (>= 3.2, < 4.2)
    ruby-progressbar (1.7.0)
    rubyzip (1.0.0)
    sass (3.2.19)
    sass-rails (4.0.5)
      railties (>= 4.0.0, < 5.0)
      sass (~> 3.2.2)
      sprockets (~> 2.8, < 3.0)
      sprockets-rails (~> 2.0)
    sdoc (0.4.1)
      json (~> 1.7, >= 1.7.7)
      rdoc (~> 4.0)
    sexp_processor (4.4.4)
    slop (3.6.0)
    sprockets (2.12.3)
      hike (~> 1.2)
      multi_json (~> 1.0)
      rack (~> 1.0)
      tilt (~> 1.1, != 1.3.0)
    sprockets-rails (2.2.2)
      actionpack (>= 3.0)
      activesupport (>= 3.0)
      sprockets (>= 2.8, < 4.0)
    sqlite3 (1.3.10)
    sqlite3 (1.3.10-x86-mingw32)
    thor (0.19.1)
    thread_safe (0.3.4)
    tilt (1.4.1)
    ttfunk (1.4.0)
    turbolinks (2.5.3)
      coffee-rails
    tzinfo (1.2.2)
      thread_safe (~> 0.1)
    tzinfo-data (1.2014.10)
      tzinfo (>= 1.0.0)
    uglifier (2.6.0)
      execjs (>= 0.3.0)
      json (>= 1.8.0)
    warden (1.2.3)
      rack (>= 1.0)
    win32console (1.3.2-x86-mingw32)

PLATFORMS
  ruby
  x86-mingw32

DEPENDENCIES
  activeadmin!
  axlsx_rails
  bootstrap-sass
  cancan
  chart-js-rails
  coffee-rails (~> 4.0.0)
  devise (= 3.4.1)
  font-awesome-rails
  jbuilder (~> 2.0)
  jquery-rails
  kaminari
  prawn
  protokoll
  pry
  rails (= 4.1.8)
  rails_12factor
  rails_best_practices
  sass-rails (~> 4.0.3)
  sdoc (~> 0.4.0)
  sqlite3
  turbolinks
  tzinfo-data
  uglifier (>= 1.3.0)
